GEM
  remote: http://rubygems.org/
  specs:
    cool.io (1.2.1)
    fluentd (0.10.45)
      cool.io (>= 1.1.1, < 2.0.0, != 1.2.0)
      http_parser.rb (~> 0.5.1)
      json (>= 1.4.3)
      msgpack (>= 0.4.4, < 0.6.0, != 0.5.3, != 0.5.2, != 0.5.1, != 0.5.0)
      sigdump (~> 0.2.2)
      yajl-ruby (~> 1.0)
    http_parser.rb (0.5.3)
    json (1.8.1)
    msgpack (0.5.8)
    sigdump (0.2.2)
    yajl-ruby (1.2.0)

PLATFORMS
  ruby

DEPENDENCIES
  fluentd
